GEM
  remote: http://rubygems.org/
  specs:
    bson (1.3.1)
    bson_ext (1.3.1)
    haml (3.1.2)
    mongo (1.2.4)
      bson (>= 1.2.4)
    plucky (0.3.7)
      mongo (~> 1.1)
    rack (1.3.2)
    sinatra (1.2.6)
      rack (~> 1.1)
      tilt (>= 1.2.2, < 2.0)
    tilt (1.3.2)

PLATFORMS
  ruby

DEPENDENCIES
  bson_ext (= 1.3.1)
  haml (= 3.1.2)
  mongo (= 1.2.4)
  plucky (= 0.3.7)
  sinatra (= 1.2.6)
